GIT
  remote: https://github.com/hanami/assets
  revision: 7901909dbada49e75702a5b7a9d0eeb6cf7f412d
  specs:
    hanami-assets (1.3.0)
      hanami-helpers (~> 1.3)
      hanami-utils (~> 1.3)
      tilt (~> 2.0, >= 2.0.2)

GEM
  remote: https://rubygems.org/
  specs:
    concurrent-ruby (1.1.3)
    hanami-helpers (1.3.0)
      hanami-utils (~> 1.3)
    hanami-utils (1.3.0)
      concurrent-ruby (~> 1.0)
      transproc (~> 1.0)
    tilt (2.0.9)
    transproc (1.0.2)

PLATFORMS
  ruby

DEPENDENCIES
  hanami-assets!

BUNDLED WITH
   1.17.1
